NUGET
  remote: https://www.nuget.org/api/v2
    FSharp.Core (6.0.1)
    NicoVIII.SimpleOptics (0.1)
      FSharp.Core (>= 6.0) - restriction: >= net6.0
